PATH
  remote: .
  specs:
    dir_sizer (0.1.2)
      filesize (~> 0.1.1)
      highline (~> 1.7)
      sys-filesystem (~> 1.1.9)
      terminal-table (~> 1.8.0)

GEM
  remote: https://www.rubygems.org/
  specs:
    ffi (1.9.25)
    filesize (0.1.1)
    highline (1.7.10)
    sys-filesystem (1.1.9)
      ffi
    terminal-table (1.8.0)
      unicode-display_width (~> 1.1, >= 1.1.1)
    unicode-display_width (1.4.0)

PLATFORMS
  ruby

DEPENDENCIES
  dir_sizer!

BUNDLED WITH
   1.16.1
